GIT
  remote: https://github.com/thoughtbot/factory_girl.git
  revision: c59981de1b2eb831dfd47a5df95e3ab71912c63b
  specs:
    factory_girl (2.0.0.beta2)

GEM
  remote: http://rubygems.org/
  specs:
    activemodel (3.0.7)
      activesupport (= 3.0.7)
      builder (~> 2.1.2)
      i18n (~> 0.5.0)
    activerecord (3.0.7)
      activemodel (= 3.0.7)
      activesupport (= 3.0.7)
      arel (~> 2.0.2)
      tzinfo (~> 0.3.23)
    activesupport (3.0.7)
    arel (2.0.10)
    builder (2.1.2)
    diff-lcs (1.1.2)
    grape (0.1.4)
      multi_json
      multi_xml
      rack
      rack-jsonp
      rack-mount
    i18n (0.5.0)
    multi_json (1.0.3)
    multi_xml (0.2.2)
    mustache (0.99.4)
    oauth (0.4.4)
    pg (0.11.0)
    rack (1.3.0)
    rack-jsonp (1.2.0)
      rack
    rack-mount (0.8.1)
      rack (>= 1.0.0)
    rack-test (0.6.0)
      rack (>= 1.0)
    rake (0.9.2)
    rdiscount (1.6.8)
    redis (2.2.0)
    redis-objects (0.5.1)
      redis (>= 2.1.1)
    rocco (0.7)
      mustache
      rdiscount
    rspec (2.6.0)
      rspec-core (~> 2.6.0)
      rspec-expectations (~> 2.6.0)
      rspec-mocks (~> 2.6.0)
    rspec-core (2.6.4)
    rspec-expectations (2.6.0)
      diff-lcs (~> 1.1.2)
    rspec-mocks (2.6.0)
    thor (0.14.6)
    tzinfo (0.3.27)
    youtube_it (1.4.3)
      builder
      oauth (>= 0.4.4)

PLATFORMS
  ruby

DEPENDENCIES
  activerecord
  factory_girl!
  grape
  pg
  rack-test
  rake
  redis
  redis-objects
  rocco
  rspec
  thor
  youtube_it
