GIT
  remote: git://github.com/intridea/grape.git
  revision: c406b1b36692c1cee2f5b6bf0c4f98ec50b7443f
  specs:
    grape (0.1.5)
      hashie (~> 1.0)
      multi_json
      multi_xml
      rack
      rack-jsonp
      rack-mount

GIT
  remote: https://github.com/jnunemaker/twitter.git
  revision: 4f5d12c5fb87d047f3bdb229c677818cd3733692
  specs:
    twitter (1.7.0)
      faraday (~> 0.7.4)
      faraday_middleware (~> 0.7.0)
      hashie (~> 1.1.0)
      multi_json (~> 1.0.0)
      multi_xml (~> 0.3.0)
      simple_oauth (~> 0.1.5)

GEM
  remote: http://rubygems.org/
  specs:
    XMLCanonicalizer (1.0.1)
      log4r (>= 1.0.4)
    activemodel (3.0.10)
      activesupport (= 3.0.10)
      builder (~> 2.1.2)
      i18n (~> 0.5.0)
    activerecord (3.0.10)
      activemodel (= 3.0.10)
      activesupport (= 3.0.10)
      arel (~> 2.0.10)
      tzinfo (~> 0.3.23)
    activesupport (3.0.10)
    addressable (2.2.6)
    arel (2.0.10)
    awesome_print (0.4.0)
    builder (2.1.2)
    coderay (0.9.8)
    crack (0.1.8)
    cucumber (1.0.2)
      builder (>= 2.1.2)
      diff-lcs (>= 1.1.2)
      gherkin (~> 2.4.5)
      json (>= 1.4.6)
      term-ansicolor (>= 1.0.5)
    daemons (1.1.4)
    database_cleaner (0.6.7)
    diff-lcs (1.1.3)
    erubis (2.7.0)
    eventmachine (0.12.10)
    factory_girl (2.1.0)
    faraday (0.7.4)
      addressable (~> 2.2.6)
      multipart-post (~> 1.1.0)
      rack (< 2, >= 1.1.0)
    faraday_middleware (0.7.0)
      faraday (~> 0.7.3)
    foreman (0.20.0)
      term-ansicolor (~> 1.0.5)
      thor (>= 0.13.6)
    gherkin (2.4.18)
      json (>= 1.4.6)
    hashie (1.1.0)
    hiredis (0.3.2)
    httparty (0.7.8)
      crack (= 0.1.8)
    i18n (0.5.0)
    json (1.5.4)
    log4r (1.1.9)
    macaddr (1.4.0)
      systemu (~> 2.2.0)
    mail (2.3.0)
      i18n (>= 0.4.0)
      mime-types (~> 1.16)
      treetop (~> 1.4.8)
    method_source (0.6.0)
      ruby_parser (>= 2.0.5)
    mime-types (1.16)
    multi_json (1.0.3)
    multi_xml (0.3.0)
    multipart-post (1.1.3)
    mustache (0.99.4)
    net-ldap (0.2.2)
    newrelic_rpm (3.1.1)
    nokogiri (1.5.0)
    oa-basic (0.3.0.rc3)
      oa-core (= 0.3.0.rc3)
      rest-client (~> 1.6.0)
    oa-core (0.3.0.rc3)
    oa-enterprise (0.3.0.rc3)
      XMLCanonicalizer (~> 1.0.1)
      addressable (~> 2.2.6)
      net-ldap (~> 0.2.2)
      nokogiri (~> 1.5.0)
      oa-core (= 0.3.0.rc3)
      pyu-ruby-sasl (~> 0.0.3.1)
      rubyntlm (~> 0.1.1)
      uuid
    oa-more (0.3.0.rc3)
      multi_json (~> 1.0.0)
      oa-core (= 0.3.0.rc3)
      rest-client (~> 1.6.0)
    oa-oauth (0.3.0.rc3)
      faraday (~> 0.7.3)
      multi_json (~> 1.0.0)
      multi_xml (~> 0.3.0)
      oa-core (= 0.3.0.rc3)
      oauth (~> 0.4.0)
      oauth2 (~> 0.5.0)
    oa-openid (0.3.0.rc3)
      oa-core (= 0.3.0.rc3)
      rack-openid (~> 1.3.1)
      ruby-openid-apps-discovery (~> 1.2.0)
    oauth (0.4.5)
    oauth2 (0.5.0)
      faraday (< 0.8, >= 0.6.1)
      multi_json (~> 1.0.0)
    omniauth (0.3.0.rc3)
      oa-basic (= 0.3.0.rc3)
      oa-core (= 0.3.0.rc3)
      oa-enterprise (= 0.3.0.rc3)
      oa-more (= 0.3.0.rc3)
      oa-oauth (= 0.3.0.rc3)
      oa-openid (= 0.3.0.rc3)
    pg (0.11.0)
    polyglot (0.3.2)
    pony (1.3)
      mail (> 2.0)
    pry (0.9.3)
      coderay (>= 0.9.8)
      method_source (>= 0.6.0)
      ruby_parser (>= 2.0.5)
      slop (~> 1.9.0)
    pry-doc (0.3.0)
      pry (>= 0.9.0)
      yard (>= 0.6.4)
    pyu-ruby-sasl (0.0.3.3)
    rack (1.3.2)
    rack-jsonp (1.2.0)
      rack
    rack-mount (0.8.3)
      rack (>= 1.0.0)
    rack-openid (1.3.1)
      rack (>= 1.1.0)
      ruby-openid (>= 2.1.8)
    rack-test (0.6.1)
      rack (>= 1.0)
    rake (0.9.2)
    rdiscount (1.6.8)
    redcarpet (1.17.2)
    redis (2.2.2)
    redis-namespace (1.0.3)
      redis (< 3.0.0)
    redis-objects (0.5.1)
      redis (>= 2.1.1)
    resque (1.19.0)
      multi_json (~> 1.0)
      redis-namespace (~> 1.0.2)
      sinatra (>= 0.9.2)
      vegas (~> 0.1.2)
    resque-retry (0.1.0)
      resque (>= 1.8.0)
      resque-scheduler (>= 1.8.0)
    resque-scheduler (2.0.0.d)
      redis (>= 2.0.1)
      resque (>= 1.8.0)
      rufus-scheduler
    rest-client (1.6.7)
      mime-types (>= 1.16)
    rocco (0.8.2)
      mustache
      redcarpet
    rspec (2.6.0)
      rspec-core (~> 2.6.0)
      rspec-expectations (~> 2.6.0)
      rspec-mocks (~> 2.6.0)
    rspec-core (2.6.4)
    rspec-expectations (2.6.0)
      diff-lcs (~> 1.1.2)
    rspec-mocks (2.6.0)
    ruby-openid (2.1.8)
    ruby-openid-apps-discovery (1.2.0)
      ruby-openid (>= 2.1.7)
    ruby_parser (2.2.0)
      sexp_processor (~> 3.0)
    rubyntlm (0.1.1)
    rufus-scheduler (2.0.10)
      tzinfo (>= 0.3.23)
    sexp_processor (3.0.6)
    simple_oauth (0.1.5)
    simplecov (0.4.2)
      simplecov-html (~> 0.4.4)
    simplecov-html (0.4.5)
    sinatra (1.2.6)
      rack (~> 1.1)
      tilt (< 2.0, >= 1.2.2)
    slop (1.9.1)
    systemu (2.2.0)
    term-ansicolor (1.0.6)
    thin (1.2.11)
      daemons (>= 1.0.9)
      eventmachine (>= 0.12.6)
      rack (>= 1.0.0)
    thor (0.14.6)
    tilt (1.3.3)
    treetop (1.4.10)
      polyglot
      polyglot (>= 0.3.1)
    tzinfo (0.3.29)
    uuid (2.3.4)
      macaddr (~> 1.0)
    vegas (0.1.8)
      rack (>= 1.0.0)
    yajl-ruby (0.8.3)
    yard (0.7.2)
    youtube_it (1.4.3)
      builder
      oauth (>= 0.4.4)

PLATFORMS
  ruby

DEPENDENCIES
  activerecord (~> 3.0.9)
  awesome_print
  cucumber
  database_cleaner
  erubis
  factory_girl
  foreman
  grape!
  hiredis
  httparty
  newrelic_rpm (~> 3.1.1)
  omniauth (~> 0.3.0.rc3)
  pg
  pony
  pry
  pry-doc
  rack-test
  rake
  rdiscount
  redis
  redis-objects
  resque
  resque-retry
  resque-scheduler (~> 2.0.0.d)
  rocco (~> 0.8.2)
  rspec
  simplecov
  sinatra
  thin
  thor
  twitter!
  yajl-ruby
  youtube_it (~> 1.4.3)
